GEM
  remote: https://rubygems.org/
  specs:
    statsd-ruby (1.3.0)

PLATFORMS
  ruby

DEPENDENCIES
  statsd-ruby

BUNDLED WITH
   1.13.6
